GEM
  remote: http://rubygems.org/
  specs:
    backports (2.6.4)
    blankslate (2.1.2.4)
    coderay (1.0.7)
    datomic-client (0.3.0)
      edn (~> 0.9.1)
      rest-client (~> 1.6.7)
    edn (0.9.4)
      parslet (~> 1.4.0)
    eventmachine (1.0.0)
    haml (3.1.7)
    method_source (0.8)
    mime-types (1.19)
    parslet (1.4.0)
      blankslate (~> 2.0)
    pry (0.9.10)
      coderay (~> 1.0.5)
      method_source (~> 0.8)
      slop (~> 3.3.1)
    rack (1.4.1)
    rack-protection (1.2.0)
      rack
    rack-test (0.6.1)
      rack (>= 1.0)
    rest-client (1.6.7)
      mime-types (>= 1.16)
    sinatra (1.3.3)
      rack (~> 1.3, >= 1.3.6)
      rack-protection (~> 1.2)
      tilt (~> 1.3, >= 1.3.3)
    sinatra-contrib (1.3.1)
      backports (>= 2.0)
      eventmachine
      rack-protection
      rack-test
      sinatra (~> 1.3.0)
      tilt (~> 1.3)
    slop (3.3.3)
    tilt (1.3.3)

PLATFORMS
  ruby

DEPENDENCIES
  datomic-client
  edn (~> 0.9.4)
  haml
  pry
  sinatra
  sinatra-contrib
